GEM
  remote: https://rubygems.org/
  specs:
    allure-rspec (2.13.6)
      allure-ruby-commons (= 2.13.6)
      rspec-core (~> 3.8)
      ruby2_keywords (~> 0.0.2)
    allure-ruby-commons (2.13.6)
      json (>= 1.8, < 3)
      mime-types (~> 3.3)
      require_all (>= 2, < 4)
      uuid (~> 2.3)
    childprocess (3.0.0)
    coderay (1.1.3)
    diff-lcs (1.3)
    json (2.3.0)
    macaddr (1.7.2)
      systemu (~> 2.6.5)
    method_source (1.0.0)
    mime-types (3.3.1)
      mime-types-data (~> 3.2015)
    mime-types-data (3.2020.0512)
    nokogiri (1.13.4-x64-mingw32)
      racc (~> 1.4)
    nokogiri (1.13.4-x86_64-linux)
      racc (~> 1.4)
    pry (0.13.1)
      coderay (~> 1.1)
      method_source (~> 1.0)
    racc (1.6.0)
    require_all (3.0.0)
    rspec (3.9.0)
      rspec-core (~> 3.9.0)
      rspec-expectations (~> 3.9.0)
      rspec-mocks (~> 3.9.0)
    rspec-core (3.9.2)
      rspec-support (~> 3.9.3)
    rspec-expectations (3.9.2)
      diff-lcs (>= 1.2.0, < 2.0)
      rspec-support (~> 3.9.0)
    rspec-mocks (3.9.1)
      diff-lcs (>= 1.2.0, < 2.0)
      rspec-support (~> 3.9.0)
    rspec-support (3.9.3)
    ruby2_keywords (0.0.2)
    rubyzip (2.3.0)
    selenium-webdriver (4.0.0.alpha6)
      childprocess (>= 0.5, < 4.0)
      rubyzip (>= 1.2.2)
      websocket (~> 1.0)
    systemu (2.6.5)
    uuid (2.3.9)
      macaddr (~> 1.0)
    webdrivers (4.3.0)
      nokogiri (~> 1.6)
      rubyzip (>= 1.3.0)
      selenium-webdriver (>= 3.0, < 4.0)
    websocket (1.2.8)

PLATFORMS
  x64-mingw32
  x86_64-linux

DEPENDENCIES
  allure-rspec
  pry
  rspec
  selenium-webdriver (~> 4.0.0.alpha6)
  webdrivers

BUNDLED WITH
   2.1.4
