GEM
  remote: https://rubygems.org/
  specs:
    addressable (2.8.1)
      public_suffix (>= 2.0.2, < 6.0)
    childprocess (3.0.0)
    coderay (1.1.3)
    colorize (0.8.1)
    crass (1.0.6)
    css_parser (1.12.0)
      addressable
    date (3.2.2)
    diff-lcs (1.5.0)
    domain_name (0.5.20190701)
      unf (>= 0.0.5, < 1.0.0)
    eyes_core (4.4.1)
      colorize
      eyes_universal (~> 2.12.3)
      faraday
      faraday-cookie_jar
      faraday_middleware
      oj
      sorted_set
      websocket
    eyes_selenium (4.4.1)
      crass
      css_parser
      eyes_core (= 4.4.1)
      selenium-webdriver (>= 3)
      state_machine
    eyes_universal (2.12.3)
      open-uri (~> 0.1, >= 0.1.0)
      stringio
    faraday (1.0.1)
      multipart-post (>= 1.2, < 3)
    faraday-cookie_jar (0.0.7)
      faraday (>= 0.8.0)
      http-cookie (~> 1.0.0)
    faraday_middleware (1.0.0)
      faraday (~> 1.0)
    http-cookie (1.0.5)
      domain_name (~> 0.5)
    method_source (1.0.0)
    mini_portile2 (2.8.0)
    multipart-post (2.1.1)
    nokogiri (1.13.9)
      mini_portile2 (~> 2.8.0)
      racc (~> 1.4)
    oj (3.10.6)
    open-uri (0.2.0)
      stringio
      time
      uri
    pry (0.14.1)
      coderay (~> 1.1)
      method_source (~> 1.0)
    public_suffix (4.0.5)
    racc (1.6.0)
    rbtree (0.4.5)
    rspec (3.9.0)
      rspec-core (~> 3.9.0)
      rspec-expectations (~> 3.9.0)
      rspec-mocks (~> 3.9.0)
    rspec-core (3.9.3)
      rspec-support (~> 3.9.3)
    rspec-expectations (3.9.4)
      diff-lcs (>= 1.2.0, < 2.0)
      rspec-support (~> 3.9.0)
    rspec-mocks (3.9.1)
      diff-lcs (>= 1.2.0, < 2.0)
      rspec-support (~> 3.9.0)
    rspec-support (3.9.3)
    rubyzip (2.3.0)
    selenium-webdriver (3.142.7)
      childprocess (>= 0.5, < 4.0)
      rubyzip (>= 1.2.2)
    set (1.0.3)
    sorted_set (1.0.3)
      rbtree
      set (~> 1.0)
    state_machine (1.2.0)
    stringio (3.0.2)
    time (0.2.0)
      date
    unf (0.1.4)
      unf_ext
    unf_ext (0.0.8.2)
    uri (0.11.0)
    webdrivers (4.7.0)
      nokogiri (~> 1.6)
      rubyzip (>= 1.3.0)
      selenium-webdriver (> 3.141, < 5.0)
    websocket (1.2.9)

PLATFORMS
  x64-mingw32
  x86_64-linux

DEPENDENCIES
  eyes_selenium
  pry
  rspec
  selenium-webdriver (~> 3.142.3)
  webdrivers

BUNDLED WITH
   2.1.4
